GIT
  remote: git://github.com/vaadin-miki/vaadin-elements.git
  revision: 38fa92c4f87d4fdacdf125f74a2b4d4a2f74cad0
  branch: development
  specs:
    vaadin-elements (0.5.0)

GEM
  remote: https://rubygems.org/
  specs:
    activemodel (5.0.0)
      activesupport (= 5.0.0)
    activerecord (5.0.0)
      activemodel (= 5.0.0)
      activesupport (= 5.0.0)
      arel (~> 7.0)
    activesupport (5.0.0)
      concurrent-ruby (~> 1.0, >= 1.0.2)
      i18n (~> 0.7)
      minitest (~> 5.1)
      tzinfo (~> 1.1)
    arel (7.0.0)
    concurrent-ruby (1.0.2)
    i18n (0.7.0)
    minitest (5.9.0)
    rack (1.6.4)
    rack-protection (1.5.3)
      rack
    sinatra (1.4.7)
      rack (~> 1.5)
      rack-protection (~> 1.4)
      tilt (>= 1.3, < 3)
    sqlite3 (1.3.11-x64-mingw32)
    thread_safe (0.3.5)
    tilt (2.0.5)
    tzinfo (1.2.2)
      thread_safe (~> 0.1)

PLATFORMS
  x64-mingw32

DEPENDENCIES
  activerecord
  sinatra
  sqlite3
  vaadin-elements!

BUNDLED WITH
   1.11.2
